GEM
  remote: https://rubygems.org/
  specs:
    asciidoctor (1.5.4)
    asciidoctor-revealjs (1.0.4)
      asciidoctor (= 1.5.4)
      slim (~> 3.0.6)
      thread_safe (~> 0.3.5)
    slim (3.0.9)
      temple (>= 0.7.6, < 0.9)
      tilt (>= 1.3.3, < 2.1)
    temple (0.8.0)
    thread_safe (0.3.6)
    tilt (2.0.8)

PLATFORMS
  ruby

DEPENDENCIES
  asciidoctor (~> 1.5)
  asciidoctor-revealjs (~> 1.0)

BUNDLED WITH
   1.13.7
